GEM
  remote: https://rubygems.org/
  specs:
    activemodel (3.2.9)
      activesupport (= 3.2.9)
      builder (~> 3.0.0)
    activerecord (3.2.9)
      activemodel (= 3.2.9)
      activesupport (= 3.2.9)
      arel (~> 3.0.2)
      tzinfo (~> 0.3.29)
    activesupport (3.2.9)
      i18n (~> 0.6)
      multi_json (~> 1.0)
    arel (3.0.2)
    backports (2.6.5)
    builder (3.0.4)
    eventmachine (1.0.0)
    foreigner (1.2.1)
      activerecord (>= 3.0.0)
    git (1.2.5)
    i18n (0.6.1)
    kgio (2.7.4)
    mercurial-ruby (0.7.6)
      open4 (~> 1.3.0)
    multi_json (1.5.0)
    mysql2 (0.3.11)
    open4 (1.3.0)
    pg (0.14.1)
    rack (1.4.1)
    rack-protection (1.3.2)
      rack
    rack-test (0.6.2)
      rack (>= 1.0)
    racksh (1.0.0)
      rack (>= 1.0)
      rack-test (>= 0.5)
    raindrops (0.10.0)
    rake (10.0.3)
    shotgun (0.9)
      rack (>= 1.0)
    sinatra (1.3.3)
      rack (~> 1.3, >= 1.3.6)
      rack-protection (~> 1.2)
      tilt (~> 1.3, >= 1.3.3)
    sinatra-contrib (1.3.2)
      backports (>= 2.0)
      eventmachine
      rack-protection
      rack-test
      sinatra (~> 1.3.0)
      tilt (~> 1.3)
    sqlite3 (1.3.6)
    tilt (1.3.3)
    tzinfo (0.3.35)
    unicorn (4.5.0)
      kgio (~> 2.6)
      rack
      raindrops (~> 0.7)

PLATFORMS
  ruby

DEPENDENCIES
  activerecord
  foreigner
  git
  mercurial-ruby
  mysql2
  pg
  rack-test
  racksh
  rake
  shotgun
  sinatra
  sinatra-contrib
  sqlite3
  unicorn
